GIT
  remote: https://github.com/pooza/ginseng-core.git
  revision: e79e2129541ede426241ef9d5b13ee19f1d5da6a
  specs:
    ginseng-core (1.10.30)
      activesupport (>= 6.1.3.2)
      addressable (>= 2.8.0)
      bundler
      daemon-spawn
      date
      erb
      facets
      fileutils
      httparty
      json-schema
      mail
      multi_json
      net-protocol
      nokogiri (>= 1.12.1)
      optparse
      rake
      rest-client
      sanitize
      securerandom
      time
      unicode
      yajl-ruby
      zeitwerk (>= 2.4.0)
      zlib

GIT
  remote: https://github.com/pooza/rubicure.git
  revision: b9052109fb7e15934e533bc5c9bdfe7214ab6068
  specs:
    rubicure (2.1.2.0)
      activesupport (>= 5.0.0)
      hashie (>= 2.0.5)
      sengiri_yaml (>= 0.0.2)

GEM
  remote: https://rubygems.org/
  specs:
    activesupport (6.1.4)
      concurrent-ruby (~> 1.0, >= 1.0.2)
      i18n (>= 1.6, < 2)
      minitest (>= 5.1)
      tzinfo (~> 2.0)
      zeitwerk (~> 2.3)
    addressable (2.8.0)
      public_suffix (>= 2.0.2, < 5.0)
    cgi (0.2.0)
    concurrent-ruby (1.1.9)
    crass (1.0.6)
    daemon-spawn (0.4.2)
    date (3.1.1)
    domain_name (0.5.20190701)
      unf (>= 0.0.5, < 1.0.0)
    erb (2.2.3)
      cgi
    facets (3.1.0)
    fileutils (1.5.0)
    hashie (4.1.0)
    http-accept (1.7.0)
    http-cookie (1.0.4)
      domain_name (~> 0.5)
    httparty (0.18.1)
      mime-types (~> 3.0)
      multi_xml (>= 0.5.2)
    i18n (1.8.10)
      concurrent-ruby (~> 1.0)
    io-wait (0.1.0)
    json-schema (2.8.1)
      addressable (>= 2.4)
    mail (2.7.1)
      mini_mime (>= 0.1.1)
    mime-types (3.3.1)
      mime-types-data (~> 3.2015)
    mime-types-data (3.2021.0704)
    mini_mime (1.1.0)
    mini_portile2 (2.6.1)
    minitest (5.14.4)
    multi_json (1.15.0)
    multi_xml (0.6.0)
    net-protocol (0.1.1)
      io-wait
      timeout
    netrc (0.11.0)
    nokogiri (1.12.2)
      mini_portile2 (~> 2.6.1)
      racc (~> 1.4)
    optparse (0.1.1)
    public_suffix (4.0.6)
    racc (1.5.2)
    rake (13.0.6)
    rest-client (2.1.0)
      http-accept (>= 1.7.0, < 2.0)
      http-cookie (>= 1.0.2, < 2.0)
      mime-types (>= 1.16, < 4.0)
      netrc (~> 0.8)
    sanitize (6.0.0)
      crass (~> 1.0.2)
      nokogiri (>= 1.12.0)
    securerandom (0.1.0)
    sengiri_yaml (0.0.3)
    time (0.1.0)
      date
    timeout (0.1.1)
    tzinfo (2.0.4)
      concurrent-ruby (~> 1.0)
    unf (0.1.4)
      unf_ext
    unf_ext (0.0.7.7)
    unicode (0.4.4.4)
    yajl-ruby (1.4.1)
    zeitwerk (2.4.2)
    zlib (1.1.0)

PLATFORMS
  x86_64-freebsd-12

DEPENDENCIES
  ginseng-core!
  rubicure!

RUBY VERSION
   ruby 3.0.2p107

BUNDLED WITH
   2.2.25
