GIT
  remote: https://github.com/pooza/ginseng-core.git
  revision: e0cc9eca30bc1de7d9488e8edeeab3a0d57cf154
  specs:
    ginseng-core (1.11.15)
      activesupport (>= 6.1.3.2)
      addressable (>= 2.8.0)
      bundler (~> 2.0)
      cgi (>= 0.3.1)
      daemon-spawn
      date (>= 3.2.1)
      erb
      etc
      facets
      fileutils (>= 1.5.0)
      find
      httparty
      json-schema
      mail
      multi_json
      net-protocol
      nokogiri (>= 1.12.5)
      optparse
      rake
      rest-client
      sanitize
      securerandom
      set
      time
      yajl-ruby
      zeitwerk (>= 2.4.0)
      zlib

GIT
  remote: https://github.com/pooza/rubicure.git
  revision: 83adedf5b5802333c7ee51f753674d4c7363abea
  specs:
    rubicure (3.0.0.0)
      activesupport (>= 5.0.0)
      hashie (>= 2.0.5)
      sengiri_yaml (>= 1.0.0)

GEM
  remote: https://rubygems.org/
  specs:
    activesupport (7.0.0)
      concurrent-ruby (~> 1.0, >= 1.0.2)
      i18n (>= 1.6, < 2)
      minitest (>= 5.1)
      tzinfo (~> 2.0)
    addressable (2.8.0)
      public_suffix (>= 2.0.2, < 5.0)
    ast (2.4.2)
    cgi (0.3.1)
    concurrent-ruby (1.1.9)
    crass (1.0.6)
    daemon-spawn (0.4.2)
    date (3.2.2)
    domain_name (0.5.20190701)
      unf (>= 0.0.5, < 1.0.0)
    erb (2.2.3)
      cgi
    etc (1.3.0)
    facets (3.1.0)
    ffi (1.15.4)
    fileutils (1.6.0)
    find (0.1.1)
    hashie (5.0.0)
    http-accept (1.7.0)
    http-cookie (1.0.4)
      domain_name (~> 0.5)
    httparty (0.20.0)
      mime-types (~> 3.0)
      multi_xml (>= 0.5.2)
    i18n (1.8.11)
      concurrent-ruby (~> 1.0)
    icalendar (2.7.1)
      ice_cube (~> 0.16)
    ice_cube (0.16.4)
    io-wait (0.2.1)
    json-schema (2.8.1)
      addressable (>= 2.4)
    mail (2.7.1)
      mini_mime (>= 0.1.1)
    mime-types (3.4.1)
      mime-types-data (~> 3.2015)
    mime-types-data (3.2021.1115)
    mini_mime (1.1.2)
    mini_portile2 (2.6.1)
    minitest (5.15.0)
    multi_json (1.15.0)
    multi_xml (0.6.0)
    net-protocol (0.1.2)
      io-wait
      timeout
    netrc (0.11.0)
    nokogiri (1.12.5)
      mini_portile2 (~> 2.6.1)
      racc (~> 1.4)
    optparse (0.2.0)
    parallel (1.21.0)
    parser (3.1.0.0)
      ast (~> 2.4.1)
    power_assert (2.0.1)
    public_suffix (4.0.6)
    racc (1.6.0)
    rainbow (3.0.0)
    rake (13.0.6)
    regexp_parser (2.2.0)
    rest-client (2.1.0)
      http-accept (>= 1.7.0, < 2.0)
      http-cookie (>= 1.0.2, < 2.0)
      mime-types (>= 1.16, < 4.0)
      netrc (~> 0.8)
    rest-client (2.1.0-x64-mingw32)
      ffi (~> 1.9)
      http-accept (>= 1.7.0, < 2.0)
      http-cookie (>= 1.0.2, < 2.0)
      mime-types (>= 1.16, < 4.0)
      netrc (~> 0.8)
    rexml (3.2.5)
    ricecream (0.2.1)
    rubocop (1.24.1)
      parallel (~> 1.10)
      parser (>= 3.0.0.0)
      rainbow (>= 2.2.2, < 4.0)
      regexp_parser (>= 1.8, < 3.0)
      rexml
      rubocop-ast (>= 1.15.1, < 2.0)
      ruby-progressbar (~> 1.7)
      unicode-display_width (>= 1.4.0, < 3.0)
    rubocop-ast (1.15.1)
      parser (>= 3.0.1.1)
    rubocop-performance (1.13.1)
      rubocop (>= 1.7.0, < 2.0)
      rubocop-ast (>= 0.4.0)
    rubocop-rake (0.6.0)
      rubocop (~> 1.0)
    ruby-progressbar (1.11.0)
    sanitize (6.0.0)
      crass (~> 1.0.2)
      nokogiri (>= 1.12.0)
    securerandom (0.1.1)
    sengiri_yaml (1.0.0)
    set (1.0.2)
    test-unit (3.5.3)
      power_assert
    time (0.2.0)
      date
    timecop (0.9.4)
    timeout (0.2.0)
    tzinfo (2.0.4)
      concurrent-ruby (~> 1.0)
    unf (0.1.4)
      unf_ext
    unf_ext (0.0.8)
    unicode-display_width (2.1.0)
    yajl-ruby (1.4.1)
    zeitwerk (2.5.3)
    zlib (2.1.1)

PLATFORMS
  x64-mingw32
  x86_64-freebsd-12
  x86_64-freebsd-13
  x86_64-linux

DEPENDENCIES
  ginseng-core!
  icalendar
  ricecream
  rubicure!
  rubocop
  rubocop-performance
  rubocop-rake
  test-unit
  timecop

RUBY VERSION
   ruby 3.1.0p0

BUNDLED WITH
   2.3.3
